GEM
  remote: http://rubygems.org/
  specs:
    erubis (2.7.0)
    i18n (0.6.0)
    mail (2.4.1)
      i18n (>= 0.4.0)
      mime-types (~> 1.16)
      treetop (~> 1.4.8)
    mime-types (1.17.2)
    mysql2 (0.3.11)
    polyglot (0.3.3)
    sequel (3.33.0)
    treetop (1.4.10)
      polyglot
      polyglot (>= 0.3.1)

PLATFORMS
  ruby

DEPENDENCIES
  erubis
  mail
  mysql2
  sequel
